GEM
  remote: https://rubygems.org/
  specs:
    bit-struct (0.16)
    chunky_png (1.3.8)
    coderay (1.1.2)
    method_source (0.9.0)
    pry (0.11.3)
      coderay (~> 1.1.0)
      method_source (~> 0.9.0)
    pry-doc (0.11.1)
      pry (~> 0.9)
      yard (~> 0.9)
    yard (0.9.12)

PLATFORMS
  ruby
  x64-mingw32

DEPENDENCIES
  bit-struct
  chunky_png
  pry
  pry-doc

BUNDLED WITH
   1.16.1
